GIT
  remote: https://github.com/Nowaker/specinfra.git
  revision: 26a7f63f5b18d37dcd0390166f11d8ae793f7653
  branch: feature/arch-linux-detect
  specs:
    specinfra (1.27.5)

GEM
  remote: https://rubygems.org/
  specs:
    diff-lcs (1.2.5)
    highline (1.6.21)
    net-ssh (2.9.1)
    rake (10.3.2)
    rspec (2.99.0)
      rspec-core (~> 2.99.0)
      rspec-expectations (~> 2.99.0)
      rspec-mocks (~> 2.99.0)
    rspec-core (2.99.2)
    rspec-expectations (2.99.2)
      diff-lcs (>= 1.1.3, < 2.0)
    rspec-its (1.0.1)
      rspec-core (>= 2.99.0.beta1)
      rspec-expectations (>= 2.99.0.beta1)
    rspec-mocks (2.99.2)
    serverspec (1.16.0)
      highline
      net-ssh
      rspec (~> 2.99)
      rspec-its
      specinfra (~> 1.27)

PLATFORMS
  ruby

DEPENDENCIES
  rake
  serverspec
  specinfra!
